PATH
  remote: .
  specs:
    hmap (4.0.0)

GEM
  remote: https://rubygems.org/
  specs:
    byebug (10.0.2)
    minitest (5.11.3)
    rake (12.3.1)

PLATFORMS
  ruby

DEPENDENCIES
  byebug
  hmap!
  minitest
  rake

BUNDLED WITH
   1.17.1
