PATH
  remote: .
  specs:
    hmap (1.0.0)

GEM
  remote: https://rubygems.org/
  specs:
    byebug (11.1.1)
    minitest (5.14.0)
    rake (13.0.1)

PLATFORMS
  ruby

DEPENDENCIES
  byebug
  hmap!
  minitest
  rake

BUNDLED WITH
   1.17.2
